GEM
  remote: http://rubygems.org/
  specs:
    adsf (1.1.1)
      rack (>= 1.0.0)
    colored (1.2)
    cri (2.3.0)
      colored (>= 1.2)
    feed-normalizer (1.5.2)
      hpricot (>= 0.6)
      simple-rss (>= 1.1)
    hpricot (0.8.6)
    kramdown (1.1.0)
    mini_portile (0.5.1)
    nanoc (3.6.4)
      cri (~> 2.3)
    nokogiri (1.6.0)
      mini_portile (~> 0.5.0)
    rack (1.5.2)
    simple-rss (1.2.3)

PLATFORMS
  ruby

DEPENDENCIES
  adsf
  feed-normalizer
  kramdown
  nanoc
  nokogiri
