GEM
  remote: http://rubygems.org/
  specs:
    activesupport (3.1.12)
      multi_json (~> 1.0)
    adsf (1.1.1)
      rack (>= 1.0.0)
    builder (3.2.2)
    colored (1.2)
    cri (2.3.0)
      colored (>= 1.2)
    curb (0.7.18)
    feedzirra (0.1.3)
      activesupport (~> 3.1.1)
      builder (>= 2.1.2)
      curb (~> 0.7.15)
      i18n (>= 0.5.0)
      loofah (~> 1.2.0)
      nokogiri (>= 1.4.4)
      rake (>= 0.8.7)
      rdoc (~> 3.8)
      sax-machine (~> 0.1.0)
    ffi (1.9.0)
    i18n (0.6.5)
    json (1.8.0)
    kramdown (1.1.0)
    listen (1.2.3)
      rb-fsevent (>= 0.9.3)
      rb-inotify (>= 0.9)
      rb-kqueue (>= 0.2)
    loofah (1.2.1)
      nokogiri (>= 1.4.4)
    mini_portile (0.5.1)
    multi_json (1.7.9)
    nanoc (3.6.4)
      cri (~> 2.3)
    nokogiri (1.6.0)
      mini_portile (~> 0.5.0)
    rack (1.5.2)
    rake (10.1.0)
    rb-fsevent (0.9.3)
    rb-inotify (0.9.1)
      ffi (>= 0.5.0)
    rb-kqueue (0.2.0)
      ffi (>= 0.5.0)
    rdoc (3.12.2)
      json (~> 1.4)
    rubypants (0.2.0)
    sax-machine (0.1.0)
      nokogiri (> 0.0.0)

PLATFORMS
  ruby

DEPENDENCIES
  adsf
  feedzirra
  kramdown
  listen
  nanoc
  nokogiri
  rubypants
